GEM
  remote: https://rubygems.org/
  specs:
    connection_pool (2.4.1)
    rack (2.2.8)
    rack-protection (3.1.0)
      rack (~> 2.2, >= 2.2.4)
    redis (4.5.1)
    sidekiq (5.2.10)
      connection_pool (~> 2.2, >= 2.2.2)
      rack (~> 2.0)
      rack-protection (>= 1.5.0)
      redis (~> 4.5, < 4.6.0)

PLATFORMS
  x86_64-linux

DEPENDENCIES
  sidekiq

BUNDLED WITH
   2.4.19
